GIT
  remote: git://github.com/capistrano/composer.git
  revision: dbf9353389f459786839c860e5bd04bd5b86433a
  specs:
    capistrano-composer (0.0.5)
      capistrano (>= 3.0.0.pre)

GIT
  remote: git://github.com/capistrano/file-permissions.git
  revision: 36945381d401e3c4f23205f8a156514e2b0a5f0b
  specs:
    capistrano-file-permissions (0.1.0)
      capistrano (>= 3.0.0)

GIT
  remote: git://github.com/capistrano/symfony.git
  revision: 010f37a7477a34ca86e41ab4eed2a7ff7ae25ae3
  specs:
    capistrano-symfony (0.4.0)
      capistrano (~> 3.1)
      capistrano-composer (~> 0.0.3)
      capistrano-file-permissions (~> 0.1.0)

GEM
  remote: https://rubygems.org/
  specs:
    capistrano (3.3.5)
      capistrano-stats (~> 1.1.0)
      i18n
      rake (>= 10.0.0)
      sshkit (~> 1.3)
    capistrano-copy-files (0.0.1)
      capistrano (>= 3.0.0)
    capistrano-stats (1.1.1)
    colorize (0.7.5)
    i18n (0.7.0)
    net-scp (1.2.1)
      net-ssh (>= 2.6.5)
    net-ssh (2.9.2)
    rake (10.4.2)
    sshkit (1.6.1)
      colorize (>= 0.7.0)
      net-scp (>= 1.1.2)
      net-ssh (>= 2.8.0)

PLATFORMS
  ruby

DEPENDENCIES
  capistrano (= 3.3.5)
  capistrano-composer (= 0.0.5)!
  capistrano-copy-files
  capistrano-file-permissions (= 0.1.0)!
  capistrano-symfony (= 0.4.0)!

BUNDLED WITH
   1.10.6
